PATH
  remote: .
  specs:
    storys (0.0.5)
      addressable (>= 2.3.5)
      naturally (>= 1.0.3)
      nsf

GEM
  remote: https://rubygems.org/
  specs:
    Ascii85 (1.0.2)
    activesupport (4.0.3)
      i18n (~> 0.6, >= 0.6.4)
      minitest (~> 4.2)
      multi_json (~> 1.3)
      thread_safe (~> 0.1)
      tzinfo (~> 0.3.37)
    addressable (2.3.5)
    afm (0.2.0)
    atomic (1.1.15)
    clbustos-rtf (0.5.0)
    diff-lcs (1.2.5)
    factory_girl (4.4.0)
      activesupport (>= 3.0.0)
    hashery (2.1.1)
    i18n (0.6.9)
    mini_portile (0.5.1)
    minitest (4.7.5)
    multi_json (1.8.4)
    naturally (1.1.0)
    nokogiri (1.6.0)
      mini_portile (~> 0.5.0)
    nsf (0.0.10)
      clbustos-rtf (>= 0.1.0)
      nokogiri (>= 1.4.4)
      prawn (>= 0.0.0)
      ruby-rtf (>= 0.0.0)
    pdf-reader (1.3.3)
      Ascii85 (~> 1.0.0)
      afm (~> 0.2.0)
      hashery (~> 2.0)
      ruby-rc4
      ttfunk
    prawn (0.12.0)
      pdf-reader (>= 0.9.0)
      ttfunk (~> 1.0.2)
    rspec (2.14.1)
      rspec-core (~> 2.14.0)
      rspec-expectations (~> 2.14.0)
      rspec-mocks (~> 2.14.0)
    rspec-core (2.14.8)
    rspec-expectations (2.14.5)
      diff-lcs (>= 1.1.3, < 2.0)
    rspec-mocks (2.14.6)
    ruby-rc4 (0.1.5)
    ruby-rtf (0.0.1)
    thread_safe (0.2.0)
      atomic (>= 1.1.7, < 2)
    ttfunk (1.0.3)
    tzinfo (0.3.38)

PLATFORMS
  ruby

DEPENDENCIES
  bundler (>= 1.0.0)
  factory_girl (>= 4.4.0)
  rspec (>= 2.14.1)
  storys!
