PATH
  remote: .
  specs:
    storys (0.1.0)
      addressable (>= 2.3.5)
      bootstrap-sass (= 2.3.2.2)
      compass (= 1.0.3)
      naturally (>= 1.0.3)
      nsf

GEM
  remote: https://rubygems.org/
  specs:
    activesupport (4.0.3)
      i18n (~> 0.6, >= 0.6.4)
      minitest (~> 4.2)
      multi_json (~> 1.3)
      thread_safe (~> 0.1)
      tzinfo (~> 0.3.37)
    addressable (2.3.8)
    atomic (1.1.15)
    bootstrap-sass (2.3.2.2)
      sass (~> 3.2)
    chunky_png (1.3.4)
    clbustos-rtf (0.5.0)
    compass (1.0.3)
      chunky_png (~> 1.2)
      compass-core (~> 1.0.2)
      compass-import-once (~> 1.0.5)
      rb-fsevent (>= 0.9.3)
      rb-inotify (>= 0.9)
      sass (>= 3.3.13, < 3.5)
    compass-core (1.0.3)
      multi_json (~> 1.0)
      sass (>= 3.3.0, < 3.5)
    compass-import-once (1.0.5)
      sass (>= 3.2, < 3.5)
    diff-lcs (1.2.5)
    factory_girl (4.4.0)
      activesupport (>= 3.0.0)
    ffi (1.9.9)
    i18n (0.6.9)
    mini_portile (0.6.2)
    minitest (4.7.5)
    multi_json (1.8.4)
    naturally (1.3.2)
    nokogiri (1.6.6.2)
      mini_portile (~> 0.6.0)
    nsf (0.1.0)
      clbustos-rtf (>= 0.1.0)
      nokogiri (>= 1.4.4)
      prawn (>= 0.0.0)
      ruby-rtf (>= 0.0.0)
    pdf-core (0.5.1)
    prawn (2.0.1)
      pdf-core (~> 0.5.1)
      ttfunk (~> 1.4.0)
    rb-fsevent (0.9.5)
    rb-inotify (0.9.5)
      ffi (>= 0.5.0)
    rspec (2.14.1)
      rspec-core (~> 2.14.0)
      rspec-expectations (~> 2.14.0)
      rspec-mocks (~> 2.14.0)
    rspec-core (2.14.8)
    rspec-expectations (2.14.5)
      diff-lcs (>= 1.1.3, < 2.0)
    rspec-mocks (2.14.6)
    ruby-rtf (0.0.1)
    sass (3.4.15)
    thread_safe (0.2.0)
      atomic (>= 1.1.7, < 2)
    ttfunk (1.4.0)
    tzinfo (0.3.38)

PLATFORMS
  ruby

DEPENDENCIES
  bundler (>= 1.0.0)
  factory_girl (>= 4.4.0)
  rspec (>= 2.14.1)
  storys!

BUNDLED WITH
   1.10.5
